PATH
  remote: .
  specs:
    plok-responsive-images (1.0.0)

GEM
  remote: https://rubygems.org/
  specs:
    diff-lcs (1.4.4)
    jasmine (3.6.0)
      jasmine-core (~> 3.6.0)
      phantomjs
      rack (>= 1.2.1)
      rake
    jasmine-core (3.6.0)
    nio4r (2.5.5)
    phantomjs (2.1.1.0)
    puma (5.2.1)
      nio4r (~> 2.0)
    rack (2.2.3)
    rake (10.5.0)
    rspec (3.10.0)
      rspec-core (~> 3.10.0)
      rspec-expectations (~> 3.10.0)
      rspec-mocks (~> 3.10.0)
    rspec-core (3.10.1)
      rspec-support (~> 3.10.0)
    rspec-expectations (3.10.1)
      diff-lcs (>= 1.2.0, < 2.0)
      rspec-support (~> 3.10.0)
    rspec-mocks (3.10.2)
      diff-lcs (>= 1.2.0, < 2.0)
      rspec-support (~> 3.10.0)
    rspec-support (3.10.2)

PLATFORMS
  x86_64-darwin-19

DEPENDENCIES
  bundler (~> 2.2.3)
  jasmine (~> 3.6)
  plok-responsive-images!
  puma (~> 5.2)
  rake (~> 10.0)
  rspec (~> 3.0)

BUNDLED WITH
   2.2.3
